GEM
  remote: https://rubygems.org/
  specs:
    minitest (5.22.2)
    nio4r (2.7.0)
    puma (6.4.2)
      nio4r (~> 2.0)
    rack (2.2.8.1)
    rack-test (2.1.0)
      rack (>= 1.3)
    rulers (0.0.2)
      minitest
      puma
      rack (~> 2.2)
      rack-test

PLATFORMS
  x86_64-linux

DEPENDENCIES
  rulers

BUNDLED WITH
   2.3.26
